PATH
  remote: .
  specs:
    carrierwave-tire (0.0.1)

GEM
  remote: https://rubygems.org/
  specs:
    rake (10.1.0)

PLATFORMS
  java

DEPENDENCIES
  bundler (~> 1.3)
  carrierwave-tire!
  rake
